GEM
  remote: https://rubygems.org/
  specs:
    aasm (5.5.0)
      concurrent-ruby (~> 1.0)
    actioncable (7.0.8.6)
      actionpack (= 7.0.8.6)
      activesupport (= 7.0.8.6)
      nio4r (~> 2.0)
      websocket-driver (>= 0.6.1)
    actionmailbox (7.0.8.6)
      actionpack (= 7.0.8.6)
      activejob (= 7.0.8.6)
      activerecord (= 7.0.8.6)
      activestorage (= 7.0.8.6)
      activesupport (= 7.0.8.6)
      mail (>= 2.7.1)
      net-imap
      net-pop
      net-smtp
    actionmailer (7.0.8.6)
      actionpack (= 7.0.8.6)
      actionview (= 7.0.8.6)
      activejob (= 7.0.8.6)
      activesupport (= 7.0.8.6)
      mail (~> 2.5, >= 2.5.4)
      net-imap
      net-pop
      net-smtp
      rails-dom-testing (~> 2.0)
    actionpack (7.0.8.6)
      actionview (= 7.0.8.6)
      activesupport (= 7.0.8.6)
      rack (~> 2.0, >= 2.2.4)
      rack-test (>= 0.6.3)
      rails-dom-testing (~> 2.0)
      rails-html-sanitizer (~> 1.0, >= 1.2.0)
    actiontext (7.0.8.6)
      actionpack (= 7.0.8.6)
      activerecord (= 7.0.8.6)
      activestorage (= 7.0.8.6)
      activesupport (= 7.0.8.6)
      globalid (>= 0.6.0)
      nokogiri (>= 1.8.5)
    actionview (7.0.8.6)
      activesupport (= 7.0.8.6)
      builder (~> 3.1)
      erubi (~> 1.4)
      rails-dom-testing (~> 2.0)
      rails-html-sanitizer (~> 1.1, >= 1.2.0)
    activejob (7.0.8.6)
      activesupport (= 7.0.8.6)
      globalid (>= 0.3.6)
    activemodel (7.0.8.6)
      activesupport (= 7.0.8.6)
    activerecord (7.0.8.6)
      activemodel (= 7.0.8.6)
      activesupport (= 7.0.8.6)
    activestorage (7.0.8.6)
      actionpack (= 7.0.8.6)
      activejob (= 7.0.8.6)
      activerecord (= 7.0.8.6)
      activesupport (= 7.0.8.6)
      marcel (~> 1.0)
      mini_mime (>= 1.1.0)
    activesupport (7.0.8.6)
      concurrent-ruby (~> 1.0, >= 1.0.2)
      i18n (>= 1.6, < 2)
      minitest (>= 5.1)
      tzinfo (~> 2.0)
    addressable (2.8.7)
      public_suffix (>= 2.0.2, < 7.0)
    ast (2.4.2)
    autoprefixer-rails (10.4.19.0)
      execjs (~> 2)
    bcrypt (3.1.20)
    bigdecimal (3.1.8)
    bootstrap-sass (3.4.1)
      autoprefixer-rails (>= 5.2.1)
      sassc (>= 2.0.0)
    builder (3.3.0)
    byebug (11.1.3)
    cancancan (3.6.1)
    capybara (3.40.0)
      addressable
      matrix
      mini_mime (>= 0.1.3)
      nokogiri (~> 1.11)
      rack (>= 1.6.0)
      rack-test (>= 0.6.3)
      regexp_parser (>= 1.5, < 3.0)
      xpath (~> 3.2)
    coderay (1.1.3)
    concurrent-ruby (1.3.4)
    coveralls (0.8.23)
      json (>= 1.8, < 3)
      simplecov (~> 0.16.1)
      term-ansicolor (~> 1.3)
      thor (>= 0.19.4, < 2.0)
      tins (~> 1.6)
    crass (1.0.6)
    database_cleaner (2.1.0)
      database_cleaner-active_record (>= 2, < 3)
    database_cleaner-active_record (2.2.0)
      activerecord (>= 5.a)
      database_cleaner-core (~> 2.0.0)
    database_cleaner-core (2.0.1)
    date (3.3.4)
    devise (4.9.4)
      bcrypt (~> 3.0)
      orm_adapter (~> 0.1)
      railties (>= 4.1.0)
      responders
      warden (~> 1.2.3)
    devise_ichain_authenticatable (0.3.2)
      devise (>= 2.2)
    diff-lcs (1.5.1)
    docile (1.4.1)
    erubi (1.13.0)
    execjs (2.10.0)
    factory_bot (6.5.0)
      activesupport (>= 5.0.0)
    factory_bot_rails (6.4.4)
      factory_bot (~> 6.5)
      railties (>= 5.0.0)
    faker (3.5.1)
      i18n (>= 1.8.11, < 2)
    ffi (1.17.0)
    figaro (1.2.0)
      thor (>= 0.14.0, < 2)
    font-awesome-sass (6.5.2)
      sassc (~> 2.0)
    globalid (1.2.1)
      activesupport (>= 6.1)
    gravtastic (3.2.6)
    haml (6.3.0)
      temple (>= 0.8.2)
      thor
      tilt
    haml-rails (2.1.0)
      actionpack (>= 5.1)
      activesupport (>= 5.1)
      haml (>= 4.0.6)
      railties (>= 5.1)
    hirb (0.7.3)
    i18n (1.14.6)
      concurrent-ruby (~> 1.0)
    innertube (1.1.0)
    joiner (0.6.0)
      activerecord (>= 6.1.0)
    jquery-atwho-rails (1.5.4)
    jquery-hotkeys-rails (0.7.9.1)
      railties (>= 3.1)
    jquery-rails (4.6.0)
      rails-dom-testing (>= 1, < 3)
      railties (>= 4.2.0)
      thor (>= 0.14, < 2.0)
    js_cookie_rails (2.2.0)
      railties (>= 3.1)
    json (2.7.5)
    kaminari (1.2.2)
      activesupport (>= 4.1.0)
      kaminari-actionview (= 1.2.2)
      kaminari-activerecord (= 1.2.2)
      kaminari-core (= 1.2.2)
    kaminari-actionview (1.2.2)
      actionview
      kaminari-core (= 1.2.2)
    kaminari-activerecord (1.2.2)
      activerecord
      kaminari-core (= 1.2.2)
    kaminari-core (1.2.2)
    language_server-protocol (3.17.0.3)
    listen (3.9.0)
      rb-fsevent (~> 0.10, >= 0.10.3)
      rb-inotify (~> 0.9, >= 0.9.10)
    lograge (0.14.0)
      actionpack (>= 4)
      activesupport (>= 4)
      railties (>= 4)
      request_store (~> 1.0)
    loofah (2.23.1)
      crass (~> 1.0.2)
      nokogiri (>= 1.12.0)
    mail (2.8.1)
      mini_mime (>= 0.1.1)
      net-imap
      net-pop
      net-smtp
    marcel (1.0.4)
    matrix (0.4.2)
    method_source (1.1.0)
    middleware (0.1.0)
    mina (1.2.5)
      rake
    mini_mime (1.1.5)
    mini_portile2 (2.8.7)
    minitest (5.25.1)
    mousetrap-rails (1.4.6)
    mysql2 (0.5.6)
    net-imap (0.5.0)
      date
      net-protocol
    net-pop (0.1.2)
      net-protocol
    net-protocol (0.2.2)
      timeout
    net-smtp (0.5.0)
      net-protocol
    nio4r (2.7.4)
    nokogiri (1.16.7)
      mini_portile2 (~> 2.8.2)
      racc (~> 1.4)
    orm_adapter (0.5.0)
    parallel (1.26.3)
    parser (3.3.6.0)
      ast (~> 2.4.1)
      racc
    pry (0.14.2)
      coderay (~> 1.1)
      method_source (~> 1.0)
    pry-byebug (3.10.1)
      byebug (~> 11.0)
      pry (>= 0.13, < 0.15)
    pry-rails (0.3.11)
      pry (>= 0.13.0)
    public_suffix (6.0.1)
    puma (6.4.3)
      nio4r (~> 2.0)
    racc (1.8.1)
    rack (2.2.10)
    rack-test (2.1.0)
      rack (>= 1.3)
    rails (7.0.8.6)
      actioncable (= 7.0.8.6)
      actionmailbox (= 7.0.8.6)
      actionmailer (= 7.0.8.6)
      actionpack (= 7.0.8.6)
      actiontext (= 7.0.8.6)
      actionview (= 7.0.8.6)
      activejob (= 7.0.8.6)
      activemodel (= 7.0.8.6)
      activerecord (= 7.0.8.6)
      activestorage (= 7.0.8.6)
      activesupport (= 7.0.8.6)
      bundler (>= 1.15.0)
      railties (= 7.0.8.6)
    rails-controller-testing (1.0.5)
      actionpack (>= 5.0.1.rc1)
      actionview (>= 5.0.1.rc1)
      activesupport (>= 5.0.1.rc1)
    rails-dom-testing (2.2.0)
      activesupport (>= 5.0.0)
      minitest
      nokogiri (>= 1.6)
    rails-html-sanitizer (1.6.0)
      loofah (~> 2.21)
      nokogiri (~> 1.14)
    railties (7.0.8.6)
      actionpack (= 7.0.8.6)
      activesupport (= 7.0.8.6)
      method_source
      rake (>= 12.2)
      thor (~> 1.0)
      zeitwerk (~> 2.5)
    rainbow (3.1.1)
    rake (13.2.1)
    rb-fsevent (0.11.2)
    rb-inotify (0.11.1)
      ffi (~> 1.0)
    redcarpet (3.6.0)
    regexp_parser (2.9.2)
    request_store (1.7.0)
      rack (>= 1.4)
    responders (3.1.1)
      actionpack (>= 5.2)
      railties (>= 5.2)
    rexml (3.3.9)
    riddle (2.4.3)
    rouge (4.4.0)
    rspec-core (3.13.2)
      rspec-support (~> 3.13.0)
    rspec-expectations (3.13.3)
      diff-lcs (>= 1.2.0, < 2.0)
      rspec-support (~> 3.13.0)
    rspec-mocks (3.13.2)
      diff-lcs (>= 1.2.0, < 2.0)
      rspec-support (~> 3.13.0)
    rspec-rails (7.0.1)
      actionpack (>= 7.0)
      activesupport (>= 7.0)
      railties (>= 7.0)
      rspec-core (~> 3.13)
      rspec-expectations (~> 3.13)
      rspec-mocks (~> 3.13)
      rspec-support (~> 3.13)
    rspec-support (3.13.1)
    rubocop (1.67.0)
      json (~> 2.3)
      language_server-protocol (>= 3.17.0)
      parallel (~> 1.10)
      parser (>= 3.3.0.2)
      rainbow (>= 2.2.2, < 4.0)
      regexp_parser (>= 2.4, < 3.0)
      rubocop-ast (>= 1.32.2, < 2.0)
      ruby-progressbar (~> 1.7)
      unicode-display_width (>= 2.4.0, < 3.0)
    rubocop-ast (1.32.3)
      parser (>= 3.3.1.0)
    rubocop-capybara (2.21.0)
      rubocop (~> 1.41)
    rubocop-factory_bot (2.26.1)
      rubocop (~> 1.61)
    rubocop-rails (2.27.0)
      activesupport (>= 4.2.0)
      rack (>= 1.1)
      rubocop (>= 1.52.0, < 2.0)
      rubocop-ast (>= 1.31.1, < 2.0)
    rubocop-rspec (3.2.0)
      rubocop (~> 1.61)
    ruby-progressbar (1.13.0)
    rubyzip (2.3.2)
    sass-rails (6.0.0)
      sassc-rails (~> 2.1, >= 2.1.1)
    sassc (2.4.0)
      ffi (~> 1.9)
    sassc-rails (2.1.2)
      railties (>= 4.0.0)
      sassc (>= 2.0)
      sprockets (> 3.0)
      sprockets-rails
      tilt
    selectize-rails (0.12.6)
    selenium-webdriver (4.10.0)
      rexml (~> 3.2, >= 3.2.5)
      rubyzip (>= 1.2.2, < 3.0)
      websocket (~> 1.0)
    sentry-rails (5.21.0)
      railties (>= 5.0)
      sentry-ruby (~> 5.21.0)
    sentry-ruby (5.21.0)
      bigdecimal
      concurrent-ruby (~> 1.0, >= 1.0.2)
    simplecov (0.16.1)
      docile (~> 1.1)
      json (>= 1.8, < 3)
      simplecov-html (~> 0.10.0)
    simplecov-html (0.10.2)
    sprockets (4.2.1)
      concurrent-ruby (~> 1.0)
      rack (>= 2.2.4, < 4)
    sprockets-rails (3.5.2)
      actionpack (>= 6.1)
      activesupport (>= 6.1)
      sprockets (>= 3.0.0)
    stringex (2.8.6)
    sync (0.5.0)
    temple (0.10.3)
    term-ansicolor (1.11.2)
      tins (~> 1.0)
    thinking-sphinx (5.6.0)
      activerecord (>= 4.2.0)
      builder (>= 2.1.2)
      innertube (>= 1.0.2)
      joiner (>= 0.3.4)
      middleware (>= 0.1.0)
      riddle (~> 2.3)
    thor (1.3.2)
    tilt (2.4.0)
    timecop (0.9.10)
    timeout (0.4.1)
    tins (1.37.0)
      bigdecimal
      sync
    tzinfo (2.0.6)
      concurrent-ruby (~> 1.0)
    uglifier (4.2.1)
      execjs (>= 0.3.0, < 3)
    unicode-display_width (2.6.0)
    warden (1.2.9)
      rack (>= 2.0.9)
    webdrivers (5.3.1)
      nokogiri (~> 1.6)
      rubyzip (>= 1.3.0)
      selenium-webdriver (~> 4.0, < 4.11)
    websocket (1.2.11)
    websocket-driver (0.7.6)
      websocket-extensions (>= 0.1.0)
    websocket-extensions (0.1.5)
    xpath (3.2.0)
      nokogiri (~> 1.8)
    zeitwerk (2.7.1)

PLATFORMS
  ruby

DEPENDENCIES
  aasm
  bootstrap-sass
  cancancan
  capybara
  coveralls
  database_cleaner
  devise
  devise_ichain_authenticatable
  factory_bot_rails
  faker
  figaro
  font-awesome-sass
  gravtastic
  haml-rails
  hirb
  jquery-atwho-rails
  jquery-hotkeys-rails
  jquery-rails
  js_cookie_rails
  kaminari
  listen
  lograge
  mina
  mousetrap-rails
  mysql2
  pry-byebug
  pry-rails
  puma
  rails (~> 7.0.1)
  rails-controller-testing
  redcarpet
  rouge
  rspec-rails
  rubocop
  rubocop-capybara
  rubocop-factory_bot
  rubocop-rails
  rubocop-rspec
  sass-rails
  selectize-rails
  sentry-rails
  sentry-ruby
  sprockets-rails
  stringex
  thinking-sphinx
  timecop
  uglifier (>= 1.3.0)
  webdrivers

BUNDLED WITH
   2.5.16
